GIT
  remote: https://github.com/paxa/process_memory
  revision: 1aa4df28c9a98903301317236104abe591e086fd
  specs:
    process_memory (0.1)

GIT
  remote: https://github.com/randym/axlsx.git
  revision: c8ac844572b25fda358cc01d2104720c4c42f450
  specs:
    axlsx (2.1.0.pre)
      htmlentities (~> 4.3.4)
      mimemagic (~> 0.3)
      nokogiri (>= 1.6.6)
      rubyzip (>= 1.2.1)

GIT
  remote: https://github.com/roo-rb/roo.git
  revision: 85c2736b0ea1c984391688c5aeb4acf85f225405
  specs:
    roo (2.7.1)
      nokogiri (~> 1)
      rubyzip (>= 1.2.1, < 2.0.0)

GEM
  remote: https://rubygems.org/
  specs:
    ansi (1.5.0)
    benchmark-ips (2.7.2)
    builder (3.2.3)
    ffi (1.9.18)
    ffi_gen (1.2.0)
      ffi (~> 1.0)
    htmlentities (4.3.4)
    mimemagic (0.3.2)
    mini_portile2 (2.2.0)
    minitest (5.10.2)
    minitest-reporters (1.1.14)
      ansi
      builder
      minitest (>= 5.0)
      ruby-progressbar
    nokogiri (1.8.0)
      mini_portile2 (~> 2.2.0)
    ruby-progressbar (1.8.1)
    rubyzip (1.2.1)
    write_xlsx (0.85.1)
      rubyzip (>= 1.0.0)
      zip-zip
    zip-zip (0.3)
      rubyzip (>= 1.0.0)

PLATFORMS
  ruby

DEPENDENCIES
  axlsx!
  benchmark-ips
  ffi
  ffi_gen
  minitest
  minitest-reporters
  process_memory!
  roo (= 2.7.1)!
  write_xlsx

BUNDLED WITH
   1.15.1
