GIT
  remote: https://github.com/paxa/process_memory
  revision: 1aa4df28c9a98903301317236104abe591e086fd
  specs:
    process_memory (0.1)

GIT
  remote: https://github.com/randym/axlsx.git
  revision: 73d9477fc33706f4a186e92794134248fb389183
  specs:
    axlsx (3.0.0.pre)
      htmlentities (~> 4.3, >= 4.3.4)
      mimemagic (~> 0.3)
      nokogiri (~> 1.8, >= 1.8.2)
      rubyzip (~> 1.2, >= 1.2.1)

GIT
  remote: https://github.com/roo-rb/roo.git
  revision: 3ed05e1caef0ce3c5db5c19f1fa14e6f74193079
  specs:
    roo (2.7.1)
      nokogiri (~> 1)
      rubyzip (>= 1.2.1, < 2.0.0)

GEM
  remote: https://rubygems.org/
  specs:
    ansi (1.5.0)
    benchmark-ips (2.7.2)
    builder (3.2.3)
    ffi (1.9.23)
    ffi_gen (1.2.0)
      ffi (~> 1.0)
    htmlentities (4.3.4)
    mimemagic (0.3.2)
    mini_portile2 (2.3.0)
    minitest (5.11.3)
    minitest-reporters (1.1.19)
      ansi
      builder
      minitest (>= 5.0)
      ruby-progressbar
    nokogiri (1.8.2)
      mini_portile2 (~> 2.3.0)
    rake (12.3.0)
    ruby-progressbar (1.9.0)
    rubyzip (1.2.1)
    write_xlsx (0.85.3)
      rubyzip (>= 1.0.0)
      zip-zip
    zip-zip (0.3)
      rubyzip (>= 1.0.0)

PLATFORMS
  ruby

DEPENDENCIES
  axlsx!
  benchmark-ips
  ffi
  ffi_gen
  minitest
  minitest-reporters
  process_memory!
  rake
  roo (= 2.7.1)!
  write_xlsx

BUNDLED WITH
   1.16.1
